PATH
  remote: .
  specs:
    wisper_plus (0.1.5)
      activesupport (>= 6.0.3.1)
      wisper (>= 1.6, < 3.0)

GEM
  remote: https://rubygems.org/
  specs:
    activesupport (7.0.4.2)
      concurrent-ruby (~> 1.0, >= 1.0.2)
      i18n (>= 1.6, < 2)
      minitest (>= 5.1)
      tzinfo (~> 2.0)
    concurrent-ruby (1.2.0)
    i18n (1.12.0)
      concurrent-ruby (~> 1.0)
    minitest (5.17.0)
    rake (13.0.3)
    tzinfo (2.0.6)
      concurrent-ruby (~> 1.0)
    wisper (2.0.1)

PLATFORMS
  ruby

DEPENDENCIES
  bundler (>= 1.16, < 3.0)
  rake (>= 12.3.3)
  wisper_plus!

BUNDLED WITH
   2.2.15
